GEM
  specs:
    bourne (1.0)
      mocha (= 0.9.8)
    git (1.2.5)
    jeweler (1.5.2)
      bundler (~> 1.0.0)
      git (>= 1.2.5)
      rake
    mocha (0.9.8)
      rake
    rake (0.8.7)
    redis (2.0.12)
    rspec (1.3.0)

PLATFORMS
  ruby

DEPENDENCIES
  bourne (= 1.0.0)
  jeweler
  redis (= 2.0.12)
  rspec (= 1.3.0)
